PATH
  remote: .
  specs:
    resque_spec (0.2.3)
      resque (>= 1.6.0)
      rspec (~> 1.3.0)

GEM
  remote: http://rubygems.org/
  specs:
    json (1.5.1)
    rack (1.3.0)
    redis (2.2.0)
    redis-namespace (1.0.3)
      redis (< 3.0.0)
    resque (1.17.1)
      json (< 1.6, >= 1.4.6)
      redis-namespace (~> 1.0.2)
      sinatra (>= 0.9.2)
      vegas (~> 0.1.2)
    rspec (1.3.2)
    sinatra (1.2.6)
      rack (~> 1.1)
      tilt (< 2.0, >= 1.2.2)
    tilt (1.3.2)
    vegas (0.1.8)
      rack (>= 1.0.0)

PLATFORMS
  ruby

DEPENDENCIES
  resque_spec!
